GEM
  specs:
    metaclass (0.0.4)
    mocha (1.2.1)
      metaclass (~> 0.0.1)

PLATFORMS
  ruby

DEPENDENCIES
  mocha

BUNDLED WITH
   1.13.7
